GEM
  remote: https://rubygems.org/
  specs:
    ruby2ruby (2.3.0)
      ruby_parser (~> 3.1)
      sexp_processor (~> 4.0)
    ruby_parser (3.8.1)
      sexp_processor (~> 4.1)
    sexp_processor (4.7.0)

PLATFORMS
  ruby

DEPENDENCIES
  ruby2ruby
  ruby_parser

BUNDLED WITH
   1.11.2
